NRRD0004
# Complete NRRD file format specification at:
# http://teem.sourceforge.net/nrrd/format.html
type: float
dimension: 3
space: left-posterior-superior
sizes: 64 32 16
space directions: (-3.1249999999999996,0,0) (0,-6.2499999999999991,0) (0,0,12.499999999999998)
kinds: domain domain domain
endian: little
encoding: gzip
space origin: (98.437499999999986,96.874999999999986,-93.749999999999986)
data file: DiffusionWeightedVolumeMaskingTest_EstimatedBaseline.raw.gz
